GEM
  remote: http://rubygems.org/
  specs:
    docile (1.3.5)
    polyglot (0.3.5)
    simplecov (0.21.2)
      docile (~> 1.1)
      simplecov-html (~> 0.11)
      simplecov_json_formatter (~> 0.1)
    simplecov-html (0.12.3)
    simplecov_json_formatter (0.1.2)
    treetop (1.6.11)
      polyglot (~> 0.3)

PLATFORMS
  ruby

DEPENDENCIES
  simplecov
  treetop

BUNDLED WITH
   2.1.2
